{
  "AcquisitionMatrixPE": 78,
  "AcquisitionNumber": 1,
  "AcquisitionTime": "19:20:54.485000",
  "BandwidthPerPixelPhaseEncode": 22.492,
  "BaseResolution": 78,
  "BodyPartExamined": "BRAIN",
  "ConsistencyInfo": "N4_VE11C_LATEST_20160120",
  "ConversionSoftware": "dcm2niix",
  "ConversionSoftwareVersion": "v1.0.20180328 GCC6.3.0",
  "DerivedVendorReportedEchoSpacing": 0.000570003,
  "DeviceSerialNumber": "66018",
  "DwellTime": 3e-06,
  "EchoTime": 0.066,
  "EchoTrainLength": 78,
  "EffectiveEchoSpacing": 0.000570003,
  "FlipAngle": 90,
  "ImageOrientationPatientDICOM": [
    1,
    0,
    0,
    0,
    0.91706,
    -0.398749
  ],
  "ImageType": [
    "ORIGINAL",
    "PRIMARY",
    "M",
    "ND",
    "MOSAIC"
  ],
  "InPlanePhaseEncodingDirectionDICOM": "COL",
  "InstitutionAddress": "Stadium_1952_Princeton_NJ_US_08544",
  "InstitutionName": "Princeton_University",
  "IntendedFor": ["ses-01/func/sub-09_ses-01_task-view_run-01_bold.nii.gz", "ses-01/func/sub-09_ses-01_task-recall_run-01_bold.nii.gz", "ses-01/func/sub-09_ses-01_task-view_run-02_bold.nii.gz", "ses-01/func/sub-09_ses-01_task-recall_run-02_bold.nii.gz", "ses-01/func/sub-09_ses-01_task-view_run-03_bold.nii.gz", "ses-01/func/sub-09_ses-01_task-recall_run-03_bold.nii.gz"],
  "InstitutionalDepartmentName": "NeuroScience",
  "MRAcquisitionType": "2D",
  "MagneticFieldStrength": 3,
  "Manufacturer": "Siemens",
  "ManufacturersModelName": "Prisma",
  "Modality": "MR",
  "PartialFourier": 1,
  "PatientPosition": "HFS",
  "PercentPhaseFOV": 100,
  "PhaseEncodingDirection": "j",
  "PhaseEncodingSteps": 78,
  "PhaseResolution": 1,
  "PixelBandwidth": 2135,
  "ProcedureStepDescription": "Norman_Antony_ss",
  "ProtocolName": "fmap_dir-PA",
  "PulseSequenceDetails": "%CustomerSeq%_cmrr_mbep2d_se",
  "ReceiveCoilActiveElements": "HC1-7",
  "ReceiveCoilName": "HeadNeck_64",
  "ReconMatrixPE": 78,
  "RepetitionTime": 8,
  "SAR": 0.134361,
  "ScanOptions": "FS",
  "ScanningSequence": "EP",
  "SequenceName": "epse2d1_78",
  "SequenceVariant": "SK",
  "SeriesDescription": "fmap_dir-PA",
  "SeriesNumber": 11,
  "ShimSetting": [
    738,
    567,
    2102,
    416,
    -2,
    119,
    251,
    32
  ],
  "SliceThickness": 2.5,
  "SliceTiming": [
    3.99,
    0,
    4.1325,
    0.1425,
    4.275,
    0.285,
    4.4175,
    0.4275,
    4.56,
    0.57,
    4.7025,
    0.7125,
    4.8425,
    0.855,
    4.985,
    0.9975,
    5.1275,
    1.14,
    5.27,
    1.2825,
    5.4125,
    1.425,
    5.555,
    1.5675,
    5.6975,
    1.71,
    5.84,
    1.8525,
    5.9825,
    1.995,
    6.125,
    2.1375,
    6.2675,
    2.28,
    6.41,
    2.4225,
    6.5525,
    2.565,
    6.695,
    2.7075,
    6.8375,
    2.85,
    6.98,
    2.9925,
    7.1225,
    3.135,
    7.265,
    3.2775,
    7.4075,
    3.42,
    7.55,
    3.5625,
    7.6925,
    3.705,
    7.835,
    3.8475
  ],
  "SoftwareVersions": "syngo_MR_E11",
  "SpacingBetweenSlices": 2.5,
  "StationName": "AWP66018",
  "TotalReadoutTime": 0.0438902,
  "TxRefAmp": 270.51,
  "VendorReportedEchoSpacing": 0.00057
}