{
  "AcquisitionMatrixPE": 78,
  "AcquisitionNumber": 1,
  "AcquisitionTime": "14:10:34.730000",
  "BandwidthPerPixelPhaseEncode": 22.492,
  "BaseResolution": 78,
  "BodyPartExamined": "BRAIN",
  "ConsistencyInfo": "N4_VE11C_LATEST_20160120",
  "ConversionSoftware": "dcm2niix",
  "ConversionSoftwareVersion": "v1.0.20180328 GCC6.3.0",
  "DerivedVendorReportedEchoSpacing": 0.000570003,
  "DeviceSerialNumber": "66018",
  "DwellTime": 3e-06,
  "EchoTime": 0.066,
  "EchoTrainLength": 78,
  "EffectiveEchoSpacing": 0.000570003,
  "FlipAngle": 90,
  "ImageOrientationPatientDICOM": [
    1,
    0,
    0,
    0,
    0.984196,
    -0.177085
  ],
  "ImageType": [
    "ORIGINAL",
    "PRIMARY",
    "M",
    "ND",
    "MOSAIC"
  ],
  "InPlanePhaseEncodingDirectionDICOM": "COL",
  "InstitutionAddress": "Stadium_1952_Princeton_NJ_US_08544",
  "InstitutionName": "Princeton_University",
  "IntendedFor": ["ses-01/func/sub-13_ses-01_task-view_run-01_bold.nii.gz", "ses-01/func/sub-13_ses-01_task-recall_run-01_bold.nii.gz", "ses-01/func/sub-13_ses-01_task-view_run-02_bold.nii.gz", "ses-01/func/sub-13_ses-01_task-recall_run-02_bold.nii.gz", "ses-01/func/sub-13_ses-01_task-view_run-03_bold.nii.gz", "ses-01/func/sub-13_ses-01_task-recall_run-03_bold.nii.gz"],
  "InstitutionalDepartmentName": "NeuroScience",
  "MRAcquisitionType": "2D",
  "MagneticFieldStrength": 3,
  "Manufacturer": "Siemens",
  "ManufacturersModelName": "Prisma",
  "Modality": "MR",
  "PartialFourier": 1,
  "PatientPosition": "HFS",
  "PercentPhaseFOV": 100,
  "PhaseEncodingDirection": "j-",
  "PhaseEncodingSteps": 78,
  "PhaseResolution": 1,
  "PixelBandwidth": 2135,
  "ProcedureStepDescription": "NormaL_Antony_ss",
  "ProtocolName": "fmap_dir-AP",
  "PulseSequenceDetails": "%CustomerSeq%_cmrr_mbep2d_se",
  "ReceiveCoilActiveElements": "HC1-7",
  "ReceiveCoilName": "HeadNeck_64",
  "ReconMatrixPE": 78,
  "RepetitionTime": 8,
  "SAR": 0.131114,
  "ScanOptions": "FS",
  "ScanningSequence": "EP",
  "SequenceName": "epse2d1_78",
  "SequenceVariant": "SK",
  "SeriesDescription": "fmap_dir-AP",
  "SeriesNumber": 10,
  "ShimSetting": [
    761,
    612,
    1964,
    511,
    -137,
    28,
    114,
    3
  ],
  "SliceThickness": 2.5,
  "SliceTiming": [
    3.99,
    0,
    4.1325,
    0.1425,
    4.275,
    0.285,
    4.4175,
    0.4275,
    4.56,
    0.57,
    4.7025,
    0.7125,
    4.845,
    0.855,
    4.9875,
    0.9975,
    5.13,
    1.14,
    5.2725,
    1.2825,
    5.415,
    1.425,
    5.5575,
    1.5675,
    5.7,
    1.71,
    5.8425,
    1.8525,
    5.985,
    1.995,
    6.1275,
    2.1375,
    6.27,
    2.28,
    6.4125,
    2.4225,
    6.555,
    2.565,
    6.6975,
    2.7075,
    6.84,
    2.85,
    6.9825,
    2.9925,
    7.125,
    3.135,
    7.2675,
    3.2775,
    7.41,
    3.42,
    7.5525,
    3.5625,
    7.695,
    3.705,
    7.8375,
    3.8475
  ],
  "SoftwareVersions": "syngo_MR_E11",
  "SpacingBetweenSlices": 2.5,
  "StationName": "AWP66018",
  "TotalReadoutTime": 0.0438902,
  "TxRefAmp": 254.066,
  "VendorReportedEchoSpacing": 0.00057
}